GEM
  remote: https://rubygems.org/
  specs:
    bson (1.10.2)
    bson_ext (1.10.2)
      bson (~> 1.10.2)
    columnize (0.8.9)
    debugger (1.6.8)
      columnize (>= 0.3.1)
      debugger-linecache (~> 1.2.0)
      debugger-ruby_core_source (~> 1.3.5)
    debugger-linecache (1.2.0)
    debugger-ruby_core_source (1.3.5)
    hpricot (0.8.6)
    mime-types (1.25.1)
    mongo (1.10.2)
      bson (= 1.10.2)
    mongo_ext (0.19.3)
    netrc (0.7.7)
    redis (3.1.0)
    rest-client (1.7.2)
      mime-types (>= 1.16, < 3.0)
      netrc (~> 0.7)

PLATFORMS
  ruby

DEPENDENCIES
  bson_ext
  debugger
  hpricot
  mongo
  mongo_ext
  redis
  rest-client
