GEM
  remote: https://rubygems.org/
  specs:
    bson (1.10.2)
    bson_ext (1.10.2)
      bson (~> 1.10.2)
    mime-types (1.25.1)
    mongo (1.10.2)
      bson (= 1.10.2)
    mongo_ext (0.19.3)
    netrc (0.7.7)
    redis (3.1.0)
    rest-client (1.7.2)
      mime-types (>= 1.16, < 3.0)
      netrc (~> 0.7)

PLATFORMS
  ruby

DEPENDENCIES
  bson_ext
  mongo
  mongo_ext
  redis
  rest-client
