GEM
  remote: https://rubygems.org/
  specs:
    memcache-client (1.8.5)
    redis (3.1.0)

PLATFORMS
  ruby

DEPENDENCIES
  memcache-client
  redis
